GEM
  remote: https://rubygems.org/
  specs:
    activemodel (3.2.13)
      activesupport (= 3.2.13)
      builder (~> 3.0.0)
    activesupport (3.2.13)
      i18n (= 0.6.1)
      multi_json (~> 1.0)
    builder (3.0.4)
    coderay (1.0.9)
    diff-lcs (1.2.4)
    domain_name (0.5.12)
      unf (>= 0.0.5, < 1.0.0)
    dotenv (0.8.0)
    ethon (0.5.12)
      ffi (>= 1.3.0)
      mime-types (~> 1.18)
    faraday (0.8.7)
      multipart-post (~> 1.1)
    faraday-cookie_jar (0.0.3)
      faraday (>= 0.7.4)
      http-cookie (~> 1.0.0)
    faraday_middleware (0.9.0)
      faraday (>= 0.7.4, < 0.9)
    ffi (1.9.0)
    hashie (2.0.5)
    http-cookie (1.0.1)
      domain_name (~> 0.5)
    i18n (0.6.1)
    method_source (0.8.1)
    mime-types (1.23)
    mongoid (3.1.4)
      activemodel (~> 3.2)
      moped (~> 1.4)
      origin (~> 1.0)
      tzinfo (~> 0.3.22)
    moped (1.5.0)
    multi_json (1.7.7)
    multipart-post (1.2.0)
    origin (1.1.0)
    pry (0.9.12.2)
      coderay (~> 1.0.5)
      method_source (~> 0.8)
      slop (~> 3.4)
    rspec (2.14.0)
      rspec-core (~> 2.14.0)
      rspec-expectations (~> 2.14.0)
      rspec-mocks (~> 2.14.0)
    rspec-core (2.14.0)
    rspec-expectations (2.14.0)
      diff-lcs (>= 1.1.3, < 2.0)
    rspec-mocks (2.14.0)
    slop (3.4.5)
    typhoeus (0.6.3)
      ethon (~> 0.5.11)
    tzinfo (0.3.37)
    unf (0.1.1)
      unf_ext
    unf_ext (0.0.6)

PLATFORMS
  ruby

DEPENDENCIES
  dotenv
  faraday
  faraday-cookie_jar
  faraday_middleware
  hashie
  mongoid
  pry
  rspec
  typhoeus
